GEM
  remote: https://rubygems.org/
  specs:
    thor (1.2.1)

PLATFORMS
  x86_64-darwin-21

DEPENDENCIES
  thor

RUBY VERSION
   ruby 3.0.0p0

BUNDLED WITH
   2.2.3
