GEM
  remote: https://rubygems.org/
  specs:
    cgi (0.3.1)
    diff-lcs (1.5.0)
    erb (2.2.3)
      cgi
    rspec (3.11.0)
      rspec-core (~> 3.11.0)
      rspec-expectations (~> 3.11.0)
      rspec-mocks (~> 3.11.0)
    rspec-core (3.11.0)
      rspec-support (~> 3.11.0)
    rspec-expectations (3.11.0)
      diff-lcs (>= 1.2.0, < 2.0)
      rspec-support (~> 3.11.0)
    rspec-mocks (3.11.0)
      diff-lcs (>= 1.2.0, < 2.0)
      rspec-support (~> 3.11.0)
    rspec-support (3.11.0)
    thor (1.2.1)

PLATFORMS
  x86_64-darwin-21

DEPENDENCIES
  erb (~> 2.2)
  rspec (~> 3.11)
  thor

RUBY VERSION
   ruby 3.0.0p0

BUNDLED WITH
   2.2.3
